PATH
  remote: /Users/paul/Development/active/circus/circus
  specs:
    circus-deployment (0.2)
      json_pure (= 1.4.6)
      net-scp (= 1.0.2)
      net-ssh (= 2.0.22)
      thor (>= 0.13.4)
      uuid (= 2.0.1)

GEM
  remote: http://rubygems.org/
  specs:
    diff-lcs (1.1.2)
    json_pure (1.4.6)
    macaddr (1.0.0)
    net-scp (1.0.2)
      net-ssh (>= 1.99.1)
    net-ssh (2.0.22)
    rspec (2.0.1)
      rspec-core (~> 2.0.1)
      rspec-expectations (~> 2.0.1)
      rspec-mocks (~> 2.0.1)
    rspec-core (2.0.1)
    rspec-expectations (2.0.1)
      diff-lcs (>= 1.1.2)
    rspec-mocks (2.0.1)
      rspec-core (~> 2.0.1)
      rspec-expectations (~> 2.0.1)
    thor (0.14.6)
    uuid (2.0.1)
      macaddr (~> 1.0)

PLATFORMS
  ruby

DEPENDENCIES
  circus-deployment!
  rspec (~> 2.0.0)
