PATH
  remote: ../circus
  specs:
    circus-deployment (0.0.1)
      net-scp (= 1.0.2)
      net-ssh (= 2.0.22)
      thor (>= 0.13.4)
      uuid (= 2.0.1)

GEM
  remote: http://rubygems.org/
  specs:
    macaddr (1.0.0)
    net-scp (1.0.2)
      net-ssh (>= 1.99.1)
    net-ssh (2.0.22)
    thor (0.14.2)
    uuid (2.0.1)
      macaddr (~> 1.0)

PLATFORMS
  ruby

DEPENDENCIES
  circus-deployment!
