GEM
  remote: http://rubygems.org/
  specs:
    blather (0.4.8)
      eventmachine (>= 0.12.6)
      nokogiri (>= 1.4.0)
    eventmachine (0.12.10)
    macaddr (1.0.0)
    mime-types (1.16)
    net-scp (1.0.2)
      net-ssh (>= 1.99.1)
    net-ssh (2.0.22)
    nokogiri (1.4.1)
    rest-client (1.5.0)
      mime-types (>= 1.16)
    rspec (1.2.9)
    thor (0.14.0)
    uuid (2.3.1)
      macaddr (~> 1.0)
    xmpp4r (0.5)

PLATFORMS
  ruby

DEPENDENCIES
  blather (= 0.4.8)
  net-scp (= 1.0.2)
  net-ssh (= 2.0.22)
  rest-client (>= 1.5.0)
  rspec
  thor (>= 0.13.4)
  uuid (= 2.3.1)
  xmpp4r (>= 0.5)
