GEM
  remote: http://rubygems.org/
  specs:
    json_pure (1.4.6)
    macaddr (1.0.0)
    net-scp (1.0.2)
      net-ssh (>= 1.99.1)
    net-ssh (2.0.22)
    rspec (1.3.0)
    thor (0.13.4)
    uuid (2.0.1)
      macaddr (~> 1.0)

PLATFORMS
  ruby

DEPENDENCIES
  json_pure (= 1.4.6)
  net-scp (= 1.0.2)
  net-ssh (= 2.0.22)
  rspec
  thor (~> 0.13.4)
  uuid (= 2.0.1)
